GIT
  remote: git://github.com/parndt/seo_meta.git
  revision: 1e7ff219be6638d5ef0cf58df10fc01c7b32deb4
  specs:
    seo_meta (1.2.0.rc2)
      rails (>= 3.0.0)

GIT
  remote: git://github.com/resolve/refinerycms.git
  revision: e1c918d3e8270a58062b2646620ed9dc58232b11
  specs:
    refinerycms (2.0.0)
      bundler (~> 1.0)
      refinerycms-authentication (= 2.0.0)
      refinerycms-core (= 2.0.0)
      refinerycms-dashboard (= 2.0.0)
      refinerycms-images (= 2.0.0)
      refinerycms-pages (= 2.0.0)
      refinerycms-resources (= 2.0.0)
      refinerycms-settings (= 2.0.0)
    refinerycms-authentication (2.0.0)
      devise (~> 1.4.0)
      friendly_id_globalize3 (~> 3.2.1)
      refinerycms-core (= 2.0.0)
    refinerycms-core (2.0.0)
      acts_as_indexed (~> 0.7)
      awesome_nested_set (~> 2.0)
      coffee-rails (~> 3.1.1)
      friendly_id_globalize3 (~> 3.2.1)
      globalize3 (~> 0.2.0.beta3)
      jquery-rails (~> 1.0.19)
      rails (>= 3.1.3)
      refinerycms-settings (= 2.0.0)
      sass-rails (~> 3.1.5)
      truncate_html (~> 0.5)
      uglifier
      will_paginate (~> 3.0.2)
    refinerycms-dashboard (2.0.0)
      refinerycms-core (= 2.0.0)
    refinerycms-images (2.0.0)
      dragonfly (~> 0.9.8)
      rack-cache (>= 0.5.3)
      refinerycms-core (= 2.0.0)
    refinerycms-pages (2.0.0)
      awesome_nested_set (~> 2.0)
      friendly_id_globalize3 (~> 3.2.1)
      refinerycms-core (= 2.0.0)
      seo_meta (>= 1.2.0.rc2)
    refinerycms-resources (2.0.0)
      dragonfly (~> 0.9.8)
      rack-cache (>= 0.5.3)
      refinerycms-core (= 2.0.0)
    refinerycms-settings (2.0.0)

GEM
  remote: http://rubygems.org/
  specs:
    ZenTest (4.6.2)
    actionmailer (3.1.3)
      actionpack (= 3.1.3)
      mail (~> 2.3.0)
    actionpack (3.1.3)
      activemodel (= 3.1.3)
      activesupport (= 3.1.3)
      builder (~> 3.0.0)
      erubis (~> 2.7.0)
      i18n (~> 0.6)
      rack (~> 1.3.5)
      rack-cache (~> 1.1)
      rack-mount (~> 0.8.2)
      rack-test (~> 0.6.1)
      sprockets (~> 2.0.3)
    activemodel (3.1.3)
      activesupport (= 3.1.3)
      builder (~> 3.0.0)
      i18n (~> 0.6)
    activerecord (3.1.3)
      activemodel (= 3.1.3)
      activesupport (= 3.1.3)
      arel (~> 2.2.1)
      tzinfo (~> 0.3.29)
    activeresource (3.1.3)
      activemodel (= 3.1.3)
      activesupport (= 3.1.3)
    activesupport (3.1.3)
      multi_json (~> 1.0)
    acts_as_indexed (0.7.7)
    addressable (2.2.6)
    ansi (1.4.1)
    archive-tar-minitar (0.5.2)
    arel (2.2.1)
    autotest (4.4.6)
      ZenTest (>= 4.4.1)
    awesome_nested_set (2.0.2)
      activerecord (>= 3.0.0)
    aws-s3 (0.6.2)
      builder
      mime-types
      xml-simple
    babosa (0.3.5)
    bcrypt-ruby (3.0.1)
    bootstrap-sass (1.4.3)
      sass-rails (~> 3.1)
    bourbon (1.2.0)
      sass (>= 3.1)
    builder (3.0.0)
    capistrano (2.9.0)
      highline
      net-scp (>= 1.0.0)
      net-sftp (>= 2.0.0)
      net-ssh (>= 2.0.14)
      net-ssh-gateway (>= 1.1.0)
    capistrano-ext (1.2.1)
      capistrano (>= 1.0.0)
    capybara (1.1.2)
      mime-types (>= 1.16)
      nokogiri (>= 1.3.3)
      rack (>= 1.0.0)
      rack-test (>= 0.5.4)
      selenium-webdriver (~> 2.0)
      xpath (~> 0.1.4)
    carrierwave (0.5.8)
      activesupport (~> 3.0)
    childprocess (0.2.4)
      ffi (~> 1.0.6)
    coffee-rails (3.1.1)
      coffee-script (>= 2.2.0)
      railties (~> 3.1.0)
    coffee-script (2.2.0)
      coffee-script-source
      execjs
    coffee-script-source (1.2.0)
    columnize (0.3.6)
    concerned_with (0.1.0)
    daemon_controller (0.2.6)
    daemons (1.1.5)
    delayed_job (2.1.4)
      activesupport (~> 3.0)
      daemons
    devise (1.4.9)
      bcrypt-ruby (~> 3.0)
      orm_adapter (~> 0.0.3)
      warden (~> 1.0.3)
    devise_invitable (0.6.1)
      devise (>= 1.4.6, < 1.6)
      rails (~> 3.1.0)
    diff-lcs (1.1.3)
    dragonfly (0.9.8)
      rack
    erubis (2.7.0)
    excon (0.9.4)
    execjs (1.2.13)
      multi_json (~> 1.0)
    factory_girl (2.3.2)
      activesupport
    factory_girl_rails (1.4.0)
      factory_girl (~> 2.3.0)
      railties (>= 3.0.0)
    faker (1.0.1)
      i18n (~> 0.4)
    faraday (0.7.5)
      addressable (~> 2.2.6)
      multipart-post (~> 1.1.3)
      rack (>= 1.1.0, < 2)
    fastthread (1.0.7)
    ffi (1.0.11)
    file-tail (1.0.8)
      tins (~> 0.3)
    fog (1.1.2)
      builder
      excon (~> 0.9.0)
      formatador (~> 0.2.0)
      mime-types
      multi_json (~> 1.0.3)
      net-scp (~> 1.0.4)
      net-ssh (>= 2.1.3)
      nokogiri (~> 1.5.0)
      ruby-hmac
    formatador (0.2.1)
    formtastic (2.0.2)
      rails (~> 3.0)
    formtastic-bootstrap (1.1.2)
      formtastic
      rails (~> 3.1.0)
    friendly_id_globalize3 (3.2.1.5)
      babosa (~> 0.3.0)
    globalize3 (0.2.0.beta4)
      activemodel (>= 3.0.0)
      activerecord (>= 3.0.0)
      paper_trail (~> 2)
    haml (3.1.4)
    has_scope (0.5.1)
    hashie (1.2.0)
    heroku (2.17.0)
      launchy (>= 0.3.2)
      rest-client (~> 1.6.1)
      rubyzip
      term-ansicolor (~> 1.0.5)
    highline (1.6.9)
    hike (1.2.1)
    i18n (0.6.0)
    ice_cube (0.7.5)
    inherited_resources (1.3.0)
      has_scope (~> 0.5.0)
      responders (~> 0.6.0)
    jquery-rails (1.0.19)
      railties (~> 3.0)
      thor (~> 0.14)
    json (1.6.4)
    launchy (2.0.5)
      addressable (~> 2.2.6)
    libv8 (3.3.10.4)
    linecache19 (0.5.12)
      ruby_core_source (>= 0.1.4)
    mail (2.3.0)
      i18n (>= 0.4.0)
      mime-types (~> 1.16)
      treetop (~> 1.4.8)
    mime-types (1.17.2)
    mini_magick (3.3)
      subexec (~> 0.1.0)
    multi_json (1.0.4)
    multipart-post (1.1.4)
    mysql2 (0.3.11)
    net-scp (1.0.4)
      net-ssh (>= 1.99.1)
    net-sftp (2.0.5)
      net-ssh (>= 2.0.9)
    net-ssh (2.2.1)
    net-ssh-gateway (1.1.0)
      net-ssh (>= 1.99.1)
    nokogiri (1.5.0)
    oauth (0.4.5)
    oauth2 (0.5.1)
      faraday (~> 0.7.4)
      multi_json (~> 1.0.3)
    omniauth (1.0.1)
      hashie (~> 1.2)
      rack
    omniauth-facebook (1.1.0)
      omniauth-oauth2 (~> 1.0.0)
    omniauth-identity (1.0.0)
      omniauth (~> 1.0)
    omniauth-linkedin (0.0.6)
      omniauth-oauth (~> 1.0.0)
    omniauth-oauth (1.0.0)
      oauth
      omniauth (~> 1.0)
    omniauth-oauth2 (1.0.0)
      oauth2 (~> 0.5.0)
      omniauth (~> 1.0)
    omniauth-twitter (0.0.7)
      omniauth-oauth (~> 1.0)
    orm_adapter (0.0.5)
    paper_trail (2.5.0)
      rails (~> 3)
    passenger (3.0.11)
      daemon_controller (>= 0.2.5)
      fastthread (>= 1.0.1)
      rack
      rake (>= 0.8.1)
    pg (0.12.0)
      rake-compiler (~> 0.7)
    plupload-rails (1.0.4)
      rails (~> 3.1.0)
    polyglot (0.3.3)
    rack (1.3.5)
    rack-cache (1.1)
      rack (>= 0.4)
    rack-mount (0.8.3)
      rack (>= 1.0.0)
    rack-ssl (1.3.2)
      rack
    rack-test (0.6.1)
      rack (>= 1.0)
    rails (3.1.3)
      actionmailer (= 3.1.3)
      actionpack (= 3.1.3)
      activerecord (= 3.1.3)
      activeresource (= 3.1.3)
      activesupport (= 3.1.3)
      bundler (~> 1.0)
      railties (= 3.1.3)
    railties (3.1.3)
      actionpack (= 3.1.3)
      activesupport (= 3.1.3)
      rack-ssl (~> 1.3.2)
      rake (>= 0.8.7)
      rdoc (~> 3.4)
      thor (~> 0.14.6)
    rak (1.3)
    rake (0.9.2.2)
    rake-compiler (0.7.9)
      rake
    rdoc (3.12)
      json (~> 1.4)
    responders (0.6.4)
    rest-client (1.6.7)
      mime-types (>= 1.16)
    rspec (2.7.0)
      rspec-core (~> 2.7.0)
      rspec-expectations (~> 2.7.0)
      rspec-mocks (~> 2.7.0)
    rspec-core (2.7.1)
    rspec-expectations (2.7.0)
      diff-lcs (~> 1.1.2)
    rspec-mocks (2.7.0)
    rspec-rails (2.7.0)
      actionpack (~> 3.0)
      activesupport (~> 3.0)
      railties (~> 3.0)
      rspec (~> 2.7.0)
    ruby-debug-base19 (0.11.25)
      columnize (>= 0.3.1)
      linecache19 (>= 0.5.11)
      ruby_core_source (>= 0.1.4)
    ruby-debug19 (0.11.6)
      columnize (>= 0.3.1)
      linecache19 (>= 0.5.11)
      ruby-debug-base19 (>= 0.11.19)
    ruby-hmac (0.4.0)
    ruby_core_source (0.1.5)
      archive-tar-minitar (>= 0.5.2)
    rubyzip (0.9.5)
    sass (3.1.12)
    sass-rails (3.1.5)
      actionpack (~> 3.1.0)
      railties (~> 3.1.0)
      sass (~> 3.1.10)
      tilt (~> 1.3.2)
    schedule_atts (0.0.2)
      activesupport
      ice_cube (>= 0.6.4)
    selenium-webdriver (2.15.0)
      childprocess (>= 0.2.1)
      ffi (~> 1.0.9)
      multi_json (~> 1.0.4)
      rubyzip
    shoulda (2.11.3)
    simple_form (1.5.2)
      actionpack (~> 3.0)
      activemodel (~> 3.0)
    sprockets (2.0.3)
      hike (~> 1.2)
      rack (~> 1.0)
      tilt (~> 1.1, != 1.3.0)
    sqlite3 (1.3.5)
    subexec (0.1.0)
    term-ansicolor (1.0.7)
    therubyracer (0.9.9)
      libv8 (~> 3.3.10)
    thor (0.14.6)
    tilt (1.3.3)
    timecop (0.3.5)
    tins (0.3.6)
    treetop (1.4.10)
      polyglot
      polyglot (>= 0.3.1)
    truncate_html (0.5.1)
    turn (0.8.3)
      ansi
    tzinfo (0.3.31)
    uglifier (1.2.1)
      execjs (>= 0.3.0)
      multi_json (>= 1.0.2)
    warden (1.0.6)
      rack (>= 1.0)
    will_paginate (3.0.2)
    xml-simple (1.1.1)
    xpath (0.1.4)
      nokogiri (~> 1.3)

PLATFORMS
  ruby

DEPENDENCIES
  autotest
  aws-s3
  bootstrap-sass
  bourbon (~> 1.2.0)
  capistrano
  capistrano-ext
  capybara
  carrierwave
  coffee-rails (~> 3.1.0)
  concerned_with
  delayed_job
  devise
  devise_invitable
  execjs
  factory_girl_rails
  faker
  file-tail
  fog
  formtastic-bootstrap
  haml
  heroku
  inherited_resources
  jquery-rails
  mini_magick
  mysql2
  omniauth
  omniauth-facebook
  omniauth-identity
  omniauth-linkedin
  omniauth-twitter
  passenger
  pg
  plupload-rails
  rails (= 3.1.3)
  rak
  rake
  refinerycms!
  rspec
  rspec-rails
  ruby-debug19
  sass-rails
  schedule_atts
  seo_meta!
  shoulda
  simple_form
  sqlite3
  therubyracer
  timecop (= 0.3.5)
  turn
  uglifier
